GIT
  remote: https://github.com/josacar/lita-campfire.git
  revision: 88d98485a0517d018844741055900a0de18102c1
  specs:
    lita-campfire (0.1)
      lita (~> 2.0)
      tinder (~> 1.9.0)

GIT
  remote: https://github.com/voloko/twitter-stream.git
  revision: b8508063187eb4052a2bb0b61cd4c4837a46e1b0
  specs:
    twitter-stream (0.1.15)
      eventmachine (>= 0.12.8)
      http_parser.rb (~> 0.5.1)
      simple_oauth (~> 0.1.4)

GEM
  remote: https://rubygems.org/
  specs:
    daemons (1.1.9)
    diff-lcs (1.2.4)
    eventmachine (1.0.3)
    fakeredis (0.4.2)
      redis (~> 3.0.0)
    faraday (0.8.8)
      multipart-post (~> 1.2.0)
    faraday_middleware (0.9.0)
      faraday (>= 0.7.4, < 0.9)
    hashie (1.2.0)
    http_parser.rb (0.5.3)
    json (1.7.7)
    lita (2.3.0)
      bundler (~> 1.3)
      faraday (~> 0.8.7)
      multi_json (~> 1.7.7)
      rack (~> 1.5.2)
      redis-namespace (~> 1.3.0)
      thin (~> 1.5.1)
      thor (~> 0.18.1)
    mime-types (1.24)
    multi_json (1.7.9)
    multipart-post (1.2.0)
    rack (1.5.2)
    redis (3.0.4)
    redis-namespace (1.3.1)
      redis (~> 3.0.0)
    rspec (2.14.1)
      rspec-core (~> 2.14.0)
      rspec-expectations (~> 2.14.0)
      rspec-mocks (~> 2.14.0)
    rspec-core (2.14.5)
    rspec-expectations (2.14.2)
      diff-lcs (>= 1.1.3, < 2.0)
    rspec-mocks (2.14.3)
    simple_oauth (0.1.9)
    thin (1.5.1)
      daemons (>= 1.0.9)
      eventmachine (>= 0.12.6)
      rack (>= 1.0.0)
    thor (0.18.1)
    tinder (1.9.2)
      eventmachine (~> 1.0)
      faraday (~> 0.8)
      faraday_middleware (~> 0.9)
      hashie (~> 1.0)
      json (~> 1.7.5)
      mime-types (~> 1.19)
      multi_json (~> 1.5)
      twitter-stream (~> 0.1)

PLATFORMS
  ruby

DEPENDENCIES
  fakeredis
  lita
  lita-campfire!
  rspec
  twitter-stream!
